GEM
  remote: https://rubygems.org/
  specs:
    activesupport (4.2.6)
      i18n (~> 0.7)
      json (~> 1.7, >= 1.7.7)
      minitest (~> 5.1)
      thread_safe (~> 0.3, >= 0.3.4)
      tzinfo (~> 1.1)
    awesome_print (1.7.0)
    colorize (0.7.7)
    i18n (0.7.0)
    json (1.8.3)
    letters (0.4.1)
      activesupport
      awesome_print
      colorize
      xml-simple
    minitest (5.9.0)
    rake (11.1.2)
    thread_safe (0.3.5)
    tzinfo (1.2.2)
      thread_safe (~> 0.1)
    xml-simple (1.1.5)

PLATFORMS
  ruby

DEPENDENCIES
  letters
  minitest
  rake

BUNDLED WITH
   1.11.2
