GEM
  remote: https://rubygems.org/
  specs:
    activesupport (7.0.4.3)
      concurrent-ruby (~> 1.0, >= 1.0.2)
      i18n (>= 1.6, < 2)
      minitest (>= 5.1)
      tzinfo (~> 2.0)
    awesome_print (1.8.0)
    colorize (0.8.1)
    concurrent-ruby (1.2.2)
    i18n (1.12.0)
      concurrent-ruby (~> 1.0)
    letters (0.4.1)
      activesupport
      awesome_print
      colorize
      xml-simple
    minitest (5.14.0)
    rake (13.0.1)
    tzinfo (2.0.6)
      concurrent-ruby (~> 1.0)
    xml-simple (1.1.5)

PLATFORMS
  ruby

DEPENDENCIES
  letters
  minitest
  rake

BUNDLED WITH
   2.1.4
